GEM
  remote: https://rubygems.org/
  specs:
    addressable (2.2.7)
    bson (1.5.2)
    bson_ext (1.5.2)
      bson (= 1.5.2)
    em-websocket (0.3.6)
      addressable (>= 2.1.1)
      eventmachine (>= 0.12.9)
    eventmachine (0.12.10)
    ffi (1.0.11)
    guard (1.0.1)
      ffi (>= 0.5.0)
      thor (~> 0.14.6)
    guard-livereload (0.4.2)
      em-websocket (>= 0.2.0)
      guard (>= 0.10.0)
      multi_json (~> 1.0)
    humongous (0.2.0)
      bson_ext (= 1.5.2)
      json (= 1.6.5)
      mongo (= 1.5.2)
      sinatra (= 1.3.2)
      vegas (= 0.1.8)
    json (1.6.5)
    libnotify (0.7.2)
    mongo (1.5.2)
      bson (= 1.5.2)
    multi_json (1.3.2)
    rack (1.4.1)
    rack-protection (1.2.0)
      rack
    rb-inotify (0.8.8)
      ffi (>= 0.5.0)
    sinatra (1.3.2)
      rack (~> 1.3, >= 1.3.6)
      rack-protection (~> 1.2)
      tilt (~> 1.3, >= 1.3.3)
    thor (0.14.6)
    tilt (1.3.3)
    vegas (0.1.8)
      rack (>= 1.0.0)
    yajl-ruby (1.1.0)

PLATFORMS
  ruby

DEPENDENCIES
  guard-livereload
  humongous
  libnotify
  rb-inotify
  yajl-ruby
